GEM
  remote: http://rubygems.org/
  specs:
    ruby-ole (1.2.11.8)
    spreadsheet (1.0.4)
      ruby-ole (>= 1.0)

PLATFORMS
  x86-mingw32

DEPENDENCIES
  spreadsheet
